PATH
  remote: .
  specs:
    zendesk-rinku (1.7.3)

GEM
  remote: https://rubygems.org/
  specs:
    private_gem (1.1.2)
      bundler (~> 1.7)
      thor
    rake (10.3.2)
    rake-compiler (0.9.2)
      rake
    thor (0.19.1)

PLATFORMS
  ruby

DEPENDENCIES
  private_gem
  rake
  rake-compiler
  zendesk-rinku!

BUNDLED WITH
   1.10.6
